{
  "bids_meta": {
    "AccelFactPE": 2,
    "AcquisitionNumber": 1,
    "AcquisitionTime": "19:44:33.612500",
    "BodyPartExamined": "HEAD",
    "ConversionSoftware": "dcm2niix",
    "ConversionSoftwareVersion": "v1.0.20170624 (OpenJPEG build) MSC1900",
    "DeviceSerialNumber": "67064",
    "EchoTime": 0.00222,
    "FlipAngle": 8,
    "ImageType": [
      "ORIGINAL",
      "PRIMARY",
      "M",
      "ND",
      "NORM"
    ],
    "InstitutionAddress": "Scott_Ave_4525_St._Louis_MO_US_63110",
    "InstitutionName": "Washington_University",
    "InversionTime": 1,
    "MagneticFieldStrength": 3,
    "Manufacturer": "Siemens",
    "ManufacturersModelName": "Prisma_fit",
    "PhaseEncodingDirection": "i-",
    "PhaseEncodingLines": 300,
    "ProcedureStepDescription": "head_Braver",
    "ProtocolName": "T1w_MPR",
    "RepetitionTime": 2.4,
    "ScanningSequence": "GR_IR",
    "SequenceName": "_tfl3d1_16ns",
    "SequenceVariant": "SK_SP_MP",
    "SeriesDescription": "T1w_MPR",
    "SoftwareVersions": "syngo_MR_E11",
    "dataset": "ds002737",
    "modality": "T1w",
    "session_id": "03",
    "subject_id": "01"
  },
  "cjv": 0.3843193720723436,
  "cnr": 3.517125561420225,
  "efc": 0.5611397941810617,
  "fber": 21966.247059441295,
  "fwhm_avg": 4.659674844807857,
  "fwhm_x": 4.6437996735292595,
  "fwhm_y": 4.620324931151794,
  "fwhm_z": 4.714899929742517,
  "icvs_csf": 0.22935344967838228,
  "icvs_gm": 0.4082596682743559,
  "icvs_wm": 0.3623868820472618,
  "inu_med": 0.4806475341320038,
  "inu_range": 0.18310068249702455,
  "provenance": {
    "md5sum": "fb4405abeaab2f138caa577c4b4b4249",
    "settings": {
      "testing": false
    },
    "software": "mriqc",
    "version": "23.0.1",
    "warnings": {
      "large_rot_frame": true,
      "small_air_mask": false
    },
    "webapi_port": null,
    "webapi_url": "https://mriqc.nimh.nih.gov/api/v1"
  },
  "qi_1": 0.0,
  "qi_2": 0.002734516867826923,
  "rpve_csf": 22.463560924250828,
  "rpve_gm": 12.50504130882929,
  "rpve_wm": 15.877556415370936,
  "size_x": 208,
  "size_y": 300,
  "size_z": 320,
  "snr_csf": 3.082760483552812,
  "snr_gm": 14.022555560058725,
  "snr_total": 13.139810632599639,
  "snr_wm": 22.314115854187378,
  "snrd_csf": 28.109705270694704,
  "snrd_gm": 74.77374876361273,
  "snrd_total": 67.39808695768262,
  "snrd_wm": 99.31080683874046,
  "spacing_x": 0.8000043630599976,
  "spacing_y": 0.800000011920929,
  "spacing_z": 0.800000011920929,
  "summary_bg_k": 606.1628631251677,
  "summary_bg_mad": 0.0,
  "summary_bg_mean": 3.757606743951712,
  "summary_bg_median": 0.0,
  "summary_bg_n": 6870470.0,
  "summary_bg_p05": 0.0,
  "summary_bg_p95": 16.071007251739502,
  "summary_bg_stdv": 6.597023396292105,
  "summary_csf_k": 1.9963577170991034,
  "summary_csf_mad": 66.67163171137453,
  "summary_csf_mean": 293.6328830428067,
  "summary_csf_median": 283.0561442375183,
  "summary_csf_n": 156396.0,
  "summary_csf_p05": 164.07171440124512,
  "summary_csf_p95": 468.21184062957764,
  "summary_csf_stdv": 91.81875815916969,
  "summary_gm_k": 0.2890954462769937,
  "summary_gm_mad": 51.982013183491354,
  "summary_gm_mean": 751.9974631141903,
  "summary_gm_median": 752.948805809021,
  "summary_gm_n": 81765.0,
  "summary_gm_p05": 663.0396294593811,
  "summary_gm_p95": 838.6706738471985,
  "summary_gm_stdv": 53.69521969254733,
  "summary_wm_k": 0.39005341710352637,
  "summary_wm_mad": 42.9758780146106,
  "summary_wm_mean": 1000.1213221262227,
  "summary_wm_median": 1000.0294842720032,
  "summary_wm_n": 419220.0,
  "summary_wm_p05": 926.8400530815125,
  "summary_wm_p95": 1073.6612367630005,
  "summary_wm_stdv": 44.815949602469985,
  "tpm_overlap_csf": 0.14135857343546654,
  "tpm_overlap_gm": 0.44320715861132903,
  "tpm_overlap_wm": 0.4933623658483093,
  "wm2max": 0.8454366309495881
}