{
  "bids_meta": {
    "AccelFactPE": 2,
    "AcquisitionNumber": 1,
    "AcquisitionTime": "19:51:39.647500",
    "BodyPartExamined": "HEAD",
    "ConversionSoftware": "dcm2niix",
    "ConversionSoftwareVersion": "v1.0.20170624 (OpenJPEG build) MSC1900",
    "DeviceSerialNumber": "67064",
    "EchoTime": 0.563,
    "EchoTrainLength": 314,
    "FlipAngle": 120,
    "ImageType": [
      "ORIGINAL",
      "PRIMARY",
      "M",
      "ND",
      "NORM"
    ],
    "InstitutionAddress": "Scott_Ave_4525_St._Louis_MO_US_63110",
    "InstitutionName": "Washington_University",
    "MagneticFieldStrength": 3,
    "Manufacturer": "Siemens",
    "ManufacturersModelName": "Prisma_fit",
    "PhaseEncodingDirection": "i-",
    "PhaseEncodingLines": 300,
    "ProcedureStepDescription": "head_Braver",
    "ProtocolName": "T2w_SPC",
    "RepetitionTime": 3.2,
    "ScanningSequence": "SE",
    "SequenceName": "_spc_314ns",
    "SequenceVariant": "SK_SP",
    "SeriesDescription": "T2w_SPC",
    "SoftwareVersions": "syngo_MR_E11",
    "dataset": "ds002737",
    "modality": "T2w",
    "session_id": "03",
    "subject_id": "01"
  },
  "cjv": 0.1495827979284744,
  "cnr": 1.8962317923421823,
  "efc": 0.5270750022435351,
  "fber": 4884.987126710292,
  "fwhm_avg": 2.9278864482698843,
  "fwhm_x": 2.8542969331640373,
  "fwhm_y": 3.1890499524794524,
  "fwhm_z": 2.7403124591661623,
  "icvs_csf": 0.26076096994838455,
  "icvs_gm": 0.6810734271191226,
  "icvs_wm": 0.058165602932492955,
  "inu_med": 0.9101753234863281,
  "inu_range": 0.23696240186691275,
  "provenance": {
    "md5sum": "dffdedb25a12efc7c3b912618d9279e3",
    "settings": {
      "testing": false
    },
    "software": "mriqc",
    "version": "23.0.1",
    "warnings": {
      "large_rot_frame": true,
      "small_air_mask": false
    },
    "webapi_port": null,
    "webapi_url": "https://mriqc.nimh.nih.gov/api/v1"
  },
  "qi_1": 0.0,
  "qi_2": 0.017157587181048737,
  "rpve_csf": 15.941314502794452,
  "rpve_gm": 8.68531755755064,
  "rpve_wm": 88.50503893520862,
  "size_x": 208,
  "size_y": 300,
  "size_z": 320,
  "snr_csf": 6.56076369342532,
  "snr_gm": 5.844239462509762,
  "snr_total": 4.992311708430381,
  "snr_wm": 2.5719319693560596,
  "snrd_csf": 133.14049869580643,
  "snrd_gm": 40.786773133576744,
  "snrd_total": 110.67934534883504,
  "snrd_wm": 158.11076421712198,
  "spacing_x": 0.8000043630599976,
  "spacing_y": 0.800000011920929,
  "spacing_z": 0.800000011920929,
  "summary_bg_k": 15.245123538772415,
  "summary_bg_mad": 0.0,
  "summary_bg_mean": 2.946196499964,
  "summary_bg_median": 0.0,
  "summary_bg_n": 6908917.0,
  "summary_bg_p05": 0.0,
  "summary_bg_p95": 11.25264585390687,
  "summary_bg_stdv": 4.143720415556023,
  "summary_csf_k": 4.098297651628436,
  "summary_csf_mad": 86.3341716325755,
  "summary_csf_mean": 815.8422178071178,
  "summary_csf_median": 842.1101355124265,
  "summary_csf_n": 114669.0,
  "summary_csf_p05": 535.0577397365123,
  "summary_csf_p95": 963.1596376933157,
  "summary_csf_stdv": 128.35494508530508,
  "summary_gm_k": 0.3732381262255626,
  "summary_gm_mad": 42.203534793602756,
  "summary_gm_mean": 263.0526376504432,
  "summary_gm_median": 257.97526212595403,
  "summary_gm_n": 709391.0,
  "summary_gm_p05": 198.92672447673976,
  "summary_gm_p95": 343.5213668271899,
  "summary_gm_stdv": 44.1417710468732,
  "summary_wm_k": 0.13497081711582126,
  "summary_wm_mad": 68.7975430197086,
  "summary_wm_mean": 822.1180908375638,
  "summary_wm_median": 1000.0464050015435,
  "summary_wm_n": 18530.0,
  "summary_wm_p05": 26.56162914475426,
  "summary_wm_p95": 1082.0180306155235,
  "summary_wm_stdv": 388.82032341054276,
  "tpm_overlap_csf": 0.13385432188446053,
  "tpm_overlap_gm": 0.4125490266961927,
  "tpm_overlap_wm": 0.025182334697986454,
  "wm2max": 0.9598549166813092
}