{
  "aor": 0.0016267843866171006,
  "aqi": 0.008630861133828997,
  "bids_meta": {
    "AcquisitionNumber": 1,
    "AcquisitionTime": "09:08:7.020000",
    "BandwidthPerPixelPhaseEncode": 18.832,
    "BodyPartExamined": "HEAD",
    "ConversionSoftware": "dcm2niix",
    "ConversionSoftwareVersion": "v1.0.20170624 (OpenJPEG build) MSC1900",
    "DeviceSerialNumber": "67064",
    "EchoTime": 0.033,
    "EchoTrainLength": 90,
    "EffectiveEchoSpacing": 0.000590012,
    "FlipAngle": 63,
    "ImageType": [
      "ORIGINAL",
      "PRIMARY",
      "M",
      "MB",
      "ND",
      "MOSAIC"
    ],
    "InstitutionAddress": "Scott_Ave_4525_St._Louis_MO_US_63110",
    "InstitutionName": "Washington_University",
    "MagneticFieldStrength": 3,
    "Manufacturer": "Siemens",
    "ManufacturersModelName": "Prisma_fit",
    "PhaseEncodingDirection": "j",
    "PhaseEncodingLines": 90,
    "ProcedureStepDescription": "head_Braver",
    "ProtocolName": "tfMRI_StroopBas2_PA",
    "RepetitionTime": 1.2,
    "ScanningSequence": "EP",
    "SequenceName": "epfid2d1_90",
    "SequenceVariant": "SK_SS",
    "SeriesDescription": "tfMRI_StroopBas2_PA",
    "SliceTiming": [
      0,
      0.63,
      0.08,
      0.71,
      0.1575,
      0.7875,
      0.2375,
      0.865,
      0.315,
      0.945,
      0.395,
      1.0225,
      0.4725,
      1.1025,
      0.5525,
      0,
      0.63,
      0.08,
      0.71,
      0.1575,
      0.7875,
      0.2375,
      0.865,
      0.315,
      0.945,
      0.395,
      1.0225,
      0.4725,
      1.1025,
      0.5525,
      0,
      0.63,
      0.08,
      0.71,
      0.1575,
      0.7875,
      0.2375,
      0.865,
      0.315,
      0.945,
      0.395,
      1.0225,
      0.4725,
      1.1025,
      0.5525,
      0,
      0.63,
      0.08,
      0.71,
      0.1575,
      0.7875,
      0.2375,
      0.865,
      0.315,
      0.945,
      0.395,
      1.0225,
      0.4725,
      1.1025,
      0.5525
    ],
    "SoftwareVersions": "syngo_MR_E11",
    "TaskName": "Stroop",
    "TotalReadoutTime": 0.0525111,
    "acq_id": "cf0PA",
    "dataset": "ds002737",
    "modality": "bold",
    "run_id": 6,
    "session_id": "02",
    "subject_id": "01",
    "task_id": "Stroop"
  },
  "dummy_trs": 2,
  "dvars_nstd": 40.5525732165177,
  "dvars_std": 1.1474519956983251,
  "dvars_vstd": 1.0003097359217883,
  "efc": 0.5261996477972858,
  "fber": 612.9103393554688,
  "fd_mean": 0.29907206425055294,
  "fd_num": 402,
  "fd_perc": 74.72118959107807,
  "fwhm_avg": 2.6701610050084454,
  "fwhm_x": 2.5742832310405084,
  "fwhm_y": 2.6609082275983402,
  "fwhm_z": 2.7752915563864886,
  "gcor": 0.0071744,
  "gsr_x": -0.012881668284535408,
  "gsr_y": 0.0876120999455452,
  "provenance": {
    "md5sum": "6c4c5c9c7364117d9ff3d0ae507ae4cd",
    "settings": {
      "fd_thres": 0.2,
      "testing": false
    },
    "software": "mriqc",
    "version": "23.0.1",
    "webapi_port": null,
    "webapi_url": "https://mriqc.nimh.nih.gov/api/v1"
  },
  "size_t": 538,
  "size_x": 90,
  "size_y": 90,
  "size_z": 60,
  "snr": 2.4654407055240495,
  "spacing_tr": 1.2000000476837158,
  "spacing_x": 2.4000000953674316,
  "spacing_y": 2.4000000953674316,
  "spacing_z": 2.4000000953674316,
  "summary_bg_k": 55.11378770359485,
  "summary_bg_mad": 64.58964844833167,
  "summary_bg_mean": 387.91552734375,
  "summary_bg_median": 149.71932983398438,
  "summary_bg_n": 329629.0,
  "summary_bg_p05": 98.76839904785156,
  "summary_bg_p95": 1656.2456787109325,
  "summary_bg_stdv": 643.1858520507812,
  "summary_fg_k": 3.3738290085532983,
  "summary_fg_mad": 1287.1137319416205,
  "summary_fg_mean": 4067.959716796875,
  "summary_fg_median": 3766.47216796875,
  "summary_fg_n": 81749.0,
  "summary_fg_p05": 2243.145654296875,
  "summary_fg_p95": 6954.626367187499,
  "summary_fg_stdv": 1527.6981201171875,
  "tsnr": 40.99415474955458
}