{
  "aor": 0.004812448979591837,
  "aqi": 0.010360090074211504,
  "bids_meta": {
    "AcquisitionNumber": 1,
    "AcquisitionTime": "08:56:1.080000",
    "BandwidthPerPixelPhaseEncode": 18.832,
    "BodyPartExamined": "HEAD",
    "ConversionSoftware": "dcm2niix",
    "ConversionSoftwareVersion": "v1.0.20170624 (OpenJPEG build) MSC1900",
    "DeviceSerialNumber": "67064",
    "EchoTime": 0.033,
    "EchoTrainLength": 90,
    "EffectiveEchoSpacing": 0.000590012,
    "FlipAngle": 63,
    "ImageType": [
      "ORIGINAL",
      "PRIMARY",
      "M",
      "MB",
      "ND",
      "MOSAIC"
    ],
    "InstitutionAddress": "Scott_Ave_4525_St._Louis_MO_US_63110",
    "InstitutionName": "Washington_University",
    "MagneticFieldStrength": 3,
    "Manufacturer": "Siemens",
    "ManufacturersModelName": "Prisma_fit",
    "PhaseEncodingDirection": "j-",
    "PhaseEncodingLines": 90,
    "ProcedureStepDescription": "head_Braver",
    "ProtocolName": "tfMRI_StroopBas1_AP",
    "RepetitionTime": 1.2,
    "ScanningSequence": "EP",
    "SequenceName": "epfid2d1_90",
    "SequenceVariant": "SK_SS",
    "SeriesDescription": "tfMRI_StroopBas1_AP",
    "SliceTiming": [
      0,
      0.63,
      0.08,
      0.71,
      0.1575,
      0.7875,
      0.2375,
      0.865,
      0.315,
      0.945,
      0.395,
      1.0225,
      0.4725,
      1.1025,
      0.5525,
      0,
      0.63,
      0.08,
      0.71,
      0.1575,
      0.7875,
      0.2375,
      0.865,
      0.315,
      0.945,
      0.395,
      1.0225,
      0.4725,
      1.1025,
      0.5525,
      0,
      0.63,
      0.08,
      0.71,
      0.1575,
      0.7875,
      0.2375,
      0.865,
      0.315,
      0.945,
      0.395,
      1.0225,
      0.4725,
      1.1025,
      0.5525,
      0,
      0.63,
      0.08,
      0.71,
      0.1575,
      0.7875,
      0.2375,
      0.865,
      0.315,
      0.945,
      0.395,
      1.0225,
      0.4725,
      1.1025,
      0.5525
    ],
    "SoftwareVersions": "syngo_MR_E11",
    "TaskName": "notStroop",
    "TotalReadoutTime": 0.0525111,
    "acq_id": "cf0AP",
    "dataset": "ds002737",
    "modality": "bold",
    "run_id": 5,
    "session_id": "02",
    "subject_id": "01",
    "task_id": "notStroop"
  },
  "dummy_trs": 1,
  "dvars_nstd": 47.493681794070625,
  "dvars_std": 1.164084464869889,
  "dvars_vstd": 1.0016760313197024,
  "efc": 0.5247403061446275,
  "fber": 639.3682250976562,
  "fd_mean": 0.3612504810185076,
  "fd_num": 380,
  "fd_perc": 70.50092764378479,
  "fwhm_avg": 2.683552671142975,
  "fwhm_x": 2.5915040636895474,
  "fwhm_y": 2.6982498927811824,
  "fwhm_z": 2.7609040569581964,
  "gcor": 0.01403,
  "gsr_x": -0.013618534430861473,
  "gsr_y": 0.07561862468719482,
  "provenance": {
    "md5sum": "c11f5ea45a43ba4d1373b8e08cf614ac",
    "settings": {
      "fd_thres": 0.2,
      "testing": false
    },
    "software": "mriqc",
    "version": "23.0.1",
    "webapi_port": null,
    "webapi_url": "https://mriqc.nimh.nih.gov/api/v1"
  },
  "size_t": 539,
  "size_x": 90,
  "size_y": 90,
  "size_z": 60,
  "snr": 2.465021306670229,
  "spacing_tr": 1.2000000476837158,
  "spacing_x": 2.4000000953674316,
  "spacing_y": 2.4000000953674316,
  "spacing_z": 2.4000000953674316,
  "summary_bg_k": 19.095089241409053,
  "summary_bg_mad": 56.74598005092418,
  "summary_bg_mean": 344.653564453125,
  "summary_bg_median": 146.2615966796875,
  "summary_bg_n": 324695.0,
  "summary_bg_p05": 104.26530456542969,
  "summary_bg_p95": 1393.164916992187,
  "summary_bg_stdv": 503.7410583496094,
  "summary_fg_k": 2.7309752998077883,
  "summary_fg_mad": 1283.0188396325495,
  "summary_fg_mean": 4126.71142578125,
  "summary_fg_median": 3821.33203125,
  "summary_fg_n": 82992.0,
  "summary_fg_p05": 2238.8839721679688,
  "summary_fg_p95": 7117.843994140625,
  "summary_fg_stdv": 1550.21337890625,
  "tsnr": 34.5252874866128
}