{
  "aor": 0.011416307977736549,
  "aqi": 0.020388307755102038,
  "bids_meta": {
    "AcquisitionNumber": 1,
    "AcquisitionTime": "08:15:32.345000",
    "BandwidthPerPixelPhaseEncode": 18.832,
    "BodyPartExamined": "HEAD",
    "ConversionSoftware": "dcm2niix",
    "ConversionSoftwareVersion": "v1.0.20170624 (OpenJPEG build) MSC1900",
    "DeviceSerialNumber": "67064",
    "EchoTime": 0.033,
    "EchoTrainLength": 90,
    "EffectiveEchoSpacing": 0.000590012,
    "FlipAngle": 63,
    "ImageType": [
      "ORIGINAL",
      "PRIMARY",
      "M",
      "MB",
      "ND",
      "MOSAIC"
    ],
    "InstitutionAddress": "Scott_Ave_4525_St._Louis_MO_US_63110",
    "InstitutionName": "Washington_University",
    "MagneticFieldStrength": 3,
    "Manufacturer": "Siemens",
    "ManufacturersModelName": "Prisma_fit",
    "PhaseEncodingDirection": "j-",
    "PhaseEncodingLines": 90,
    "ProcedureStepDescription": "head_Braver",
    "ProtocolName": "tfMRI_StroopBas1_AP",
    "RepetitionTime": 1.2,
    "ScanningSequence": "EP",
    "SequenceName": "epfid2d1_90",
    "SequenceVariant": "SK_SS",
    "SeriesDescription": "tfMRI_StroopBas1_AP",
    "SliceTiming": [
      0,
      0.63,
      0.08,
      0.7075,
      0.1575,
      0.7875,
      0.2375,
      0.865,
      0.315,
      0.945,
      0.395,
      1.0225,
      0.4725,
      1.1025,
      0.5525,
      0,
      0.63,
      0.08,
      0.7075,
      0.1575,
      0.7875,
      0.2375,
      0.865,
      0.315,
      0.945,
      0.395,
      1.0225,
      0.4725,
      1.1025,
      0.5525,
      0,
      0.63,
      0.08,
      0.7075,
      0.1575,
      0.7875,
      0.2375,
      0.865,
      0.315,
      0.945,
      0.395,
      1.0225,
      0.4725,
      1.1025,
      0.5525,
      0,
      0.63,
      0.08,
      0.7075,
      0.1575,
      0.7875,
      0.2375,
      0.865,
      0.315,
      0.945,
      0.395,
      1.0225,
      0.4725,
      1.1025,
      0.5525
    ],
    "SoftwareVersions": "syngo_MR_E11",
    "TaskName": "notStroop",
    "TotalReadoutTime": 0.0525111,
    "acq_id": "cf2AP",
    "dataset": "ds002737",
    "modality": "bold",
    "run_id": 3,
    "session_id": "02",
    "subject_id": "01",
    "task_id": "notStroop"
  },
  "dummy_trs": 1,
  "dvars_nstd": 62.462085401319726,
  "dvars_std": 1.1123702354089215,
  "dvars_vstd": 0.9924163940520451,
  "efc": 0.5183347045667563,
  "fber": 639.2684326171875,
  "fd_mean": 0.5792120545589181,
  "fd_num": 356,
  "fd_perc": 66.04823747680891,
  "fwhm_avg": 2.8791151633720204,
  "fwhm_x": 2.791608222404789,
  "fwhm_y": 2.9192748839984386,
  "fwhm_z": 2.926462383712833,
  "gcor": 0.0317009,
  "gsr_x": -0.0052639697678387165,
  "gsr_y": 0.09134677052497864,
  "provenance": {
    "md5sum": "033f69ef611fa4bb460f66cf1d418f08",
    "settings": {
      "fd_thres": 0.2,
      "testing": false
    },
    "software": "mriqc",
    "version": "23.0.1",
    "webapi_port": null,
    "webapi_url": "https://mriqc.nimh.nih.gov/api/v1"
  },
  "size_t": 539,
  "size_x": 90,
  "size_y": 90,
  "size_z": 60,
  "snr": 2.2557381488187036,
  "spacing_tr": 1.2000000476837158,
  "spacing_x": 2.4000000953674316,
  "spacing_y": 2.4000000953674316,
  "spacing_z": 2.4000000953674316,
  "summary_bg_k": 27.332870387664666,
  "summary_bg_mad": 74.38316860985351,
  "summary_bg_mean": 436.674560546875,
  "summary_bg_median": 164.12059020996094,
  "summary_bg_n": 330436.0,
  "summary_bg_p05": 108.476806640625,
  "summary_bg_p95": 1851.1906127929688,
  "summary_bg_stdv": 724.8114624023438,
  "summary_fg_k": 2.006457951946757,
  "summary_fg_mad": 1589.2190904206782,
  "summary_fg_mean": 4680.63671875,
  "summary_fg_median": 4256.29296875,
  "summary_fg_n": 81112.0,
  "summary_fg_p05": 2440.48046875,
  "summary_fg_p95": 8381.605908203122,
  "summary_fg_stdv": 1886.862060546875,
  "tsnr": 24.560633963672444
}