{
  "aor": 0.0009307792207792207,
  "aqi": 0.007163693191094619,
  "bids_meta": {
    "AcquisitionNumber": 1,
    "AcquisitionTime": "07:44:16.847500",
    "BandwidthPerPixelPhaseEncode": 18.832,
    "BodyPartExamined": "HEAD",
    "ConversionSoftware": "dcm2niix",
    "ConversionSoftwareVersion": "v1.0.20170624 (OpenJPEG build) MSC1900",
    "DeviceSerialNumber": "67064",
    "EchoTime": 0.033,
    "EchoTrainLength": 90,
    "EffectiveEchoSpacing": 0.000590012,
    "FlipAngle": 63,
    "ImageType": [
      "ORIGINAL",
      "PRIMARY",
      "M",
      "MB",
      "ND",
      "MOSAIC"
    ],
    "InstitutionAddress": "Scott_Ave_4525_St._Louis_MO_US_63110",
    "InstitutionName": "Washington_University",
    "MagneticFieldStrength": 3,
    "Manufacturer": "Siemens",
    "ManufacturersModelName": "Prisma_fit",
    "PhaseEncodingDirection": "j",
    "PhaseEncodingLines": 90,
    "ProcedureStepDescription": "head_Braver",
    "ProtocolName": "tfMRI_StroopBas2_PA",
    "RepetitionTime": 1.2,
    "ScanningSequence": "EP",
    "SequenceName": "epfid2d1_90",
    "SequenceVariant": "SK_SS",
    "SeriesDescription": "tfMRI_StroopBas2_PA",
    "SliceTiming": [
      0,
      0.6275,
      0.0775,
      0.7075,
      0.1575,
      0.785,
      0.235,
      0.865,
      0.315,
      0.9425,
      0.3925,
      1.0225,
      0.4725,
      1.1,
      0.55,
      0,
      0.6275,
      0.0775,
      0.7075,
      0.1575,
      0.785,
      0.235,
      0.865,
      0.315,
      0.9425,
      0.3925,
      1.0225,
      0.4725,
      1.1,
      0.55,
      0,
      0.6275,
      0.0775,
      0.7075,
      0.1575,
      0.785,
      0.235,
      0.865,
      0.315,
      0.9425,
      0.3925,
      1.0225,
      0.4725,
      1.1,
      0.55,
      0,
      0.6275,
      0.0775,
      0.7075,
      0.1575,
      0.785,
      0.235,
      0.865,
      0.315,
      0.9425,
      0.3925,
      1.0225,
      0.4725,
      1.1,
      0.55
    ],
    "SoftwareVersions": "syngo_MR_E11",
    "TaskName": "Stroop",
    "TotalReadoutTime": 0.0525111,
    "acq_id": "cf2PA",
    "dataset": "ds002737",
    "modality": "bold",
    "run_id": 2,
    "session_id": "02",
    "subject_id": "01",
    "task_id": "Stroop"
  },
  "dummy_trs": 1,
  "dvars_nstd": 43.408047179758356,
  "dvars_std": 1.1778508263940524,
  "dvars_vstd": 0.9975815169702604,
  "efc": 0.5187209096372127,
  "fber": 659.0325317382812,
  "fd_mean": 0.3266788027735235,
  "fd_num": 401,
  "fd_perc": 74.39703153988869,
  "fwhm_avg": 2.8017901664446394,
  "fwhm_x": 2.739424891145035,
  "fwhm_y": 2.779441556221582,
  "fwhm_z": 2.8865040519673006,
  "gcor": 0.0113276,
  "gsr_x": -0.010851100087165833,
  "gsr_y": 0.06891751289367676,
  "provenance": {
    "md5sum": "43cf47c7eea17610082a81b36a46e528",
    "settings": {
      "fd_thres": 0.2,
      "testing": false
    },
    "software": "mriqc",
    "version": "23.0.1",
    "webapi_port": null,
    "webapi_url": "https://mriqc.nimh.nih.gov/api/v1"
  },
  "size_t": 539,
  "size_x": 90,
  "size_y": 90,
  "size_z": 60,
  "snr": 2.2069425097384987,
  "spacing_tr": 1.2000000476837158,
  "spacing_x": 2.4000000953674316,
  "spacing_y": 2.4000000953674316,
  "spacing_z": 2.4000000953674316,
  "summary_bg_k": 33.477492151516444,
  "summary_bg_mad": 73.06559909374047,
  "summary_bg_mean": 430.1177062988281,
  "summary_bg_median": 161.76437377929688,
  "summary_bg_n": 327219.0,
  "summary_bg_p05": 107.7087173461914,
  "summary_bg_p95": 1877.3489501953104,
  "summary_bg_stdv": 719.9210205078125,
  "summary_fg_k": 2.2027253731776275,
  "summary_fg_mad": 1655.459303431438,
  "summary_fg_mean": 4647.869140625,
  "summary_fg_median": 4241.033203125,
  "summary_fg_n": 82491.0,
  "summary_fg_p05": 2355.309814453125,
  "summary_fg_p95": 8343.458984375,
  "summary_fg_stdv": 1921.66650390625,
  "tsnr": 43.156004380085506
}