{
  "aor": 0.0014432838589981446,
  "aqi": 0.008632096437847866,
  "bids_meta": {
    "AcquisitionNumber": 1,
    "AcquisitionTime": "07:32:34.827500",
    "BandwidthPerPixelPhaseEncode": 18.832,
    "BodyPartExamined": "HEAD",
    "ConversionSoftware": "dcm2niix",
    "ConversionSoftwareVersion": "v1.0.20170624 (OpenJPEG build) MSC1900",
    "DeviceSerialNumber": "67064",
    "EchoTime": 0.033,
    "EchoTrainLength": 90,
    "EffectiveEchoSpacing": 0.000590012,
    "FlipAngle": 63,
    "ImageType": [
      "ORIGINAL",
      "PRIMARY",
      "M",
      "MB",
      "ND",
      "MOSAIC"
    ],
    "InstitutionAddress": "Scott_Ave_4525_St._Louis_MO_US_63110",
    "InstitutionName": "Washington_University",
    "MagneticFieldStrength": 3,
    "Manufacturer": "Siemens",
    "ManufacturersModelName": "Prisma_fit",
    "PhaseEncodingDirection": "j-",
    "PhaseEncodingLines": 90,
    "ProcedureStepDescription": "head_Braver",
    "ProtocolName": "tfMRI_StroopBas1_AP",
    "RepetitionTime": 1.2,
    "ScanningSequence": "EP",
    "SequenceName": "epfid2d1_90",
    "SequenceVariant": "SK_SS",
    "SeriesDescription": "tfMRI_StroopBas1_AP",
    "SliceTiming": [
      0,
      0.63,
      0.08,
      0.71,
      0.1575,
      0.7875,
      0.2375,
      0.865,
      0.315,
      0.945,
      0.395,
      1.0225,
      0.4725,
      1.1025,
      0.5525,
      0,
      0.63,
      0.08,
      0.71,
      0.1575,
      0.7875,
      0.2375,
      0.865,
      0.315,
      0.945,
      0.395,
      1.0225,
      0.4725,
      1.1025,
      0.5525,
      0,
      0.63,
      0.08,
      0.71,
      0.1575,
      0.7875,
      0.2375,
      0.865,
      0.315,
      0.945,
      0.395,
      1.0225,
      0.4725,
      1.1025,
      0.5525,
      0,
      0.63,
      0.08,
      0.71,
      0.1575,
      0.7875,
      0.2375,
      0.865,
      0.315,
      0.945,
      0.395,
      1.0225,
      0.4725,
      1.1025,
      0.5525
    ],
    "SoftwareVersions": "syngo_MR_E11",
    "TaskName": "Stroop",
    "TotalReadoutTime": 0.0525111,
    "acq_id": "cf2AP",
    "dataset": "ds002737",
    "modality": "bold",
    "run_id": 1,
    "session_id": "02",
    "subject_id": "01",
    "task_id": "Stroop"
  },
  "dummy_trs": 1,
  "dvars_nstd": 49.02124175182158,
  "dvars_std": 1.2188949699442382,
  "dvars_vstd": 0.9999334877695164,
  "efc": 0.5139337319667835,
  "fber": 669.1530151367188,
  "fd_mean": 0.36697749326005036,
  "fd_num": 451,
  "fd_perc": 83.6734693877551,
  "fwhm_avg": 2.81471655481988,
  "fwhm_x": 2.7468707241824974,
  "fwhm_y": 2.846116553572156,
  "fwhm_z": 2.851162386704986,
  "gcor": 0.00985605,
  "gsr_x": -0.00586548401042819,
  "gsr_y": 0.0815136730670929,
  "provenance": {
    "md5sum": "cde8ef513f1e8fecf4044ee99598e0c8",
    "settings": {
      "fd_thres": 0.2,
      "testing": false
    },
    "software": "mriqc",
    "version": "23.0.1",
    "webapi_port": null,
    "webapi_url": "https://mriqc.nimh.nih.gov/api/v1"
  },
  "size_t": 539,
  "size_x": 90,
  "size_y": 90,
  "size_z": 60,
  "snr": 2.2172613968921384,
  "spacing_tr": 1.2000000476837158,
  "spacing_x": 2.4000000953674316,
  "spacing_y": 2.4000000953674316,
  "spacing_z": 2.4000000953674316,
  "summary_bg_k": 28.955768149267776,
  "summary_bg_mad": 70.92560341412106,
  "summary_bg_mean": 416.38934326171875,
  "summary_bg_median": 160.86827087402344,
  "summary_bg_n": 328725.0,
  "summary_bg_p05": 107.72541809082031,
  "summary_bg_p95": 1756.3955322265615,
  "summary_bg_stdv": 685.0208740234375,
  "summary_fg_k": 2.1527121225847594,
  "summary_fg_mad": 1619.7800249691759,
  "summary_fg_mean": 4718.8134765625,
  "summary_fg_median": 4283.58984375,
  "summary_fg_n": 81660.0,
  "summary_fg_p05": 2437.7849975585937,
  "summary_fg_p95": 8488.517041015626,
  "summary_fg_stdv": 1931.9163818359375,
  "tsnr": 39.748710753628984
}