{
  "aor": 0.002175241635687732,
  "aqi": 0.01022968659851301,
  "bids_meta": {
    "AcquisitionNumber": 1,
    "AcquisitionTime": "08:29:36.480000",
    "BandwidthPerPixelPhaseEncode": 18.832,
    "BodyPartExamined": "HEAD",
    "ConversionSoftware": "dcm2niix",
    "ConversionSoftwareVersion": "v1.0.20170624 (OpenJPEG build) MSC1900",
    "DeviceSerialNumber": "67064",
    "EchoTime": 0.033,
    "EchoTrainLength": 90,
    "EffectiveEchoSpacing": 0.000590012,
    "FlipAngle": 63,
    "ImageType": [
      "ORIGINAL",
      "PRIMARY",
      "M",
      "MB",
      "ND",
      "MOSAIC"
    ],
    "InstitutionAddress": "Scott_Ave_4525_St._Louis_MO_US_63110",
    "InstitutionName": "Washington_University",
    "MagneticFieldStrength": 3,
    "Manufacturer": "Siemens",
    "ManufacturersModelName": "Prisma_fit",
    "PhaseEncodingDirection": "j",
    "PhaseEncodingLines": 90,
    "ProcedureStepDescription": "head_Braver",
    "ProtocolName": "tfMRI_StroopBas2_PA",
    "RepetitionTime": 1.2,
    "ScanningSequence": "EP",
    "SequenceName": "epfid2d1_90",
    "SequenceVariant": "SK_SS",
    "SeriesDescription": "tfMRI_StroopBas2_PA",
    "SliceTiming": [
      0,
      0.63,
      0.08,
      0.7075,
      0.1575,
      0.7875,
      0.2375,
      0.865,
      0.315,
      0.945,
      0.3925,
      1.0225,
      0.4725,
      1.1025,
      0.55,
      0,
      0.63,
      0.08,
      0.7075,
      0.1575,
      0.7875,
      0.2375,
      0.865,
      0.315,
      0.945,
      0.3925,
      1.0225,
      0.4725,
      1.1025,
      0.55,
      0,
      0.63,
      0.08,
      0.7075,
      0.1575,
      0.7875,
      0.2375,
      0.865,
      0.315,
      0.945,
      0.3925,
      1.0225,
      0.4725,
      1.1025,
      0.55,
      0,
      0.63,
      0.08,
      0.7075,
      0.1575,
      0.7875,
      0.2375,
      0.865,
      0.315,
      0.945,
      0.3925,
      1.0225,
      0.4725,
      1.1025,
      0.55
    ],
    "SoftwareVersions": "syngo_MR_E11",
    "TaskName": "notStroop",
    "TotalReadoutTime": 0.0525111,
    "acq_id": "cf2PA",
    "dataset": "ds002737",
    "modality": "bold",
    "run_id": 4,
    "session_id": "02",
    "subject_id": "01",
    "task_id": "notStroop"
  },
  "dummy_trs": 2,
  "dvars_nstd": 36.72154369402239,
  "dvars_std": 1.081339069608938,
  "dvars_vstd": 0.9745162502420852,
  "efc": 0.5222505672243511,
  "fber": 642.03564453125,
  "fd_mean": 0.24861037447861556,
  "fd_num": 311,
  "fd_perc": 57.806691449814124,
  "fwhm_avg": 2.8076721106553566,
  "fwhm_x": 2.7412248910735095,
  "fwhm_y": 2.7989248887807174,
  "fwhm_z": 2.882866552111842,
  "gcor": 0.0176643,
  "gsr_x": -0.008935089223086834,
  "gsr_y": 0.06313456594944,
  "provenance": {
    "md5sum": "19d2afdcd8e7dcce247e9966b402cbcb",
    "settings": {
      "fd_thres": 0.2,
      "testing": false
    },
    "software": "mriqc",
    "version": "23.0.1",
    "webapi_port": null,
    "webapi_url": "https://mriqc.nimh.nih.gov/api/v1"
  },
  "size_t": 538,
  "size_x": 90,
  "size_y": 90,
  "size_z": 60,
  "snr": 2.2369801730735963,
  "spacing_tr": 1.2000000476837158,
  "spacing_x": 2.4000000953674316,
  "spacing_y": 2.4000000953674316,
  "spacing_z": 2.4000000953674316,
  "summary_bg_k": 31.854996044301537,
  "summary_bg_mad": 74.229322839789,
  "summary_bg_mean": 439.9747009277344,
  "summary_bg_median": 163.76951599121094,
  "summary_bg_n": 326689.0,
  "summary_bg_p05": 108.92192840576172,
  "summary_bg_p95": 1927.4795654296863,
  "summary_bg_stdv": 733.2102661132812,
  "summary_fg_k": 2.1417603305106345,
  "summary_fg_mad": 1634.9989584599418,
  "summary_fg_mean": 4637.70263671875,
  "summary_fg_median": 4237.767578125,
  "summary_fg_n": 82351.0,
  "summary_fg_p05": 2372.59765625,
  "summary_fg_p95": 8282.5810546875,
  "summary_fg_stdv": 1894.4029541015625,
  "tsnr": 37.39309070864692
}