{
  "aor": 0.0037089424860853428,
  "aqi": 0.006015609703153988,
  "bids_meta": {
    "AcquisitionNumber": 1,
    "AcquisitionTime": "11:04:30.607500",
    "BandwidthPerPixelPhaseEncode": 18.832,
    "BodyPartExamined": "HEAD",
    "ConversionSoftware": "dcm2niix",
    "ConversionSoftwareVersion": "v1.0.20170624 (OpenJPEG build) MSC1900",
    "DeviceSerialNumber": "67064",
    "EchoTime": 0.033,
    "EchoTrainLength": 90,
    "EffectiveEchoSpacing": 0.000590012,
    "FlipAngle": 63,
    "ImageType": [
      "ORIGINAL",
      "PRIMARY",
      "M",
      "MB",
      "ND",
      "MOSAIC"
    ],
    "InstitutionAddress": "Scott_Ave_4525_St._Louis_MO_US_63110",
    "InstitutionName": "Washington_University",
    "MagneticFieldStrength": 3,
    "Manufacturer": "Siemens",
    "ManufacturersModelName": "Prisma_fit",
    "PhaseEncodingDirection": "j-",
    "PhaseEncodingLines": 90,
    "ProcedureStepDescription": "head_Braver",
    "ProtocolName": "tfMRI_StroopBas1_AP",
    "RepetitionTime": 1.2,
    "ScanningSequence": "EP",
    "SequenceName": "epfid2d1_90",
    "SequenceVariant": "SK_SS",
    "SeriesDescription": "tfMRI_StroopBas1_AP",
    "SliceTiming": [
      0,
      0.6275,
      0.0775,
      0.7075,
      0.1575,
      0.785,
      0.235,
      0.865,
      0.3125,
      0.9425,
      0.3925,
      1.0225,
      0.47,
      1.1,
      0.55,
      0,
      0.6275,
      0.0775,
      0.7075,
      0.1575,
      0.785,
      0.235,
      0.865,
      0.3125,
      0.9425,
      0.3925,
      1.0225,
      0.47,
      1.1,
      0.55,
      0,
      0.6275,
      0.0775,
      0.7075,
      0.1575,
      0.785,
      0.235,
      0.865,
      0.3125,
      0.9425,
      0.3925,
      1.0225,
      0.47,
      1.1,
      0.55,
      0,
      0.6275,
      0.0775,
      0.7075,
      0.1575,
      0.785,
      0.235,
      0.865,
      0.3125,
      0.9425,
      0.3925,
      1.0225,
      0.47,
      1.1,
      0.55
    ],
    "SoftwareVersions": "syngo_MR_E11",
    "TaskName": "Stroop",
    "TotalReadoutTime": 0.0525111,
    "acq_id": "cf1AP",
    "dataset": "ds002737",
    "modality": "bold",
    "run_id": 1,
    "session_id": "01",
    "subject_id": "01",
    "task_id": "Stroop"
  },
  "dummy_trs": 1,
  "dvars_nstd": 43.76876364526023,
  "dvars_std": 1.303596143420074,
  "dvars_vstd": 1.0292120362081776,
  "efc": 0.5114297644386482,
  "fber": 724.8335571289062,
  "fd_mean": 0.23248220775514353,
  "fd_num": 251,
  "fd_perc": 46.567717996289424,
  "fwhm_avg": 2.6763290603189045,
  "fwhm_x": 2.6050207298191097,
  "fwhm_y": 2.7094998923341476,
  "fwhm_z": 2.7144665588034567,
  "gcor": 0.0186749,
  "gsr_x": -0.006721752230077982,
  "gsr_y": 0.06668071448802948,
  "provenance": {
    "md5sum": "9bb142b8d74a708829a39888ffae2e52",
    "settings": {
      "fd_thres": 0.2,
      "testing": false
    },
    "software": "mriqc",
    "version": "23.0.1",
    "webapi_port": null,
    "webapi_url": "https://mriqc.nimh.nih.gov/api/v1"
  },
  "size_t": 539,
  "size_x": 90,
  "size_y": 90,
  "size_z": 60,
  "snr": 2.469213337138356,
  "spacing_tr": 1.2000000476837158,
  "spacing_x": 2.4000000953674316,
  "spacing_y": 2.4000000953674316,
  "spacing_z": 2.4000000953674316,
  "summary_bg_k": 28.39112010493748,
  "summary_bg_mad": 58.05529227623897,
  "summary_bg_mean": 349.9485778808594,
  "summary_bg_median": 147.39517211914062,
  "summary_bg_n": 329619.0,
  "summary_bg_p05": 104.47124481201172,
  "summary_bg_p95": 1419.6278442382807,
  "summary_bg_stdv": 549.4739379882812,
  "summary_fg_k": 1.9436746402409035,
  "summary_fg_mad": 1394.673518597714,
  "summary_fg_mean": 4422.8896484375,
  "summary_fg_median": 4078.3125,
  "summary_fg_n": 80344.0,
  "summary_fg_p05": 2410.5601196289062,
  "summary_fg_p95": 7636.681811523437,
  "summary_fg_stdv": 1651.6544189453125,
  "tsnr": 44.66381348785944
}