{
  "aor": 0.0020735992578849722,
  "aqi": 0.007867571558441557,
  "bids_meta": {
    "AcquisitionNumber": 1,
    "AcquisitionTime": "12:08:8.995000",
    "BandwidthPerPixelPhaseEncode": 18.832,
    "BodyPartExamined": "HEAD",
    "ConversionSoftware": "dcm2niix",
    "ConversionSoftwareVersion": "v1.0.20170624 (OpenJPEG build) MSC1900",
    "DeviceSerialNumber": "67064",
    "EchoTime": 0.033,
    "EchoTrainLength": 90,
    "EffectiveEchoSpacing": 0.000590012,
    "FlipAngle": 63,
    "ImageType": [
      "ORIGINAL",
      "PRIMARY",
      "M",
      "MB",
      "ND",
      "MOSAIC"
    ],
    "InstitutionAddress": "Scott_Ave_4525_St._Louis_MO_US_63110",
    "InstitutionName": "Washington_University",
    "MagneticFieldStrength": 3,
    "Manufacturer": "Siemens",
    "ManufacturersModelName": "Prisma_fit",
    "PhaseEncodingDirection": "j-",
    "PhaseEncodingLines": 90,
    "ProcedureStepDescription": "head_Braver",
    "ProtocolName": "tfMRI_StroopBas1_AP",
    "RepetitionTime": 1.2,
    "ScanningSequence": "EP",
    "SequenceName": "epfid2d1_90",
    "SequenceVariant": "SK_SS",
    "SeriesDescription": "tfMRI_StroopBas1_AP",
    "SliceTiming": [
      0,
      0.63,
      0.08,
      0.71,
      0.1575,
      0.7875,
      0.2375,
      0.865,
      0.315,
      0.945,
      0.395,
      1.0225,
      0.4725,
      1.1025,
      0.5525,
      0,
      0.63,
      0.08,
      0.71,
      0.1575,
      0.7875,
      0.2375,
      0.865,
      0.315,
      0.945,
      0.395,
      1.0225,
      0.4725,
      1.1025,
      0.5525,
      0,
      0.63,
      0.08,
      0.71,
      0.1575,
      0.7875,
      0.2375,
      0.865,
      0.315,
      0.945,
      0.395,
      1.0225,
      0.4725,
      1.1025,
      0.5525,
      0,
      0.63,
      0.08,
      0.71,
      0.1575,
      0.7875,
      0.2375,
      0.865,
      0.315,
      0.945,
      0.395,
      1.0225,
      0.4725,
      1.1025,
      0.5525
    ],
    "SoftwareVersions": "syngo_MR_E11",
    "TaskName": "Stroop",
    "TotalReadoutTime": 0.0525111,
    "acq_id": "cf0AP",
    "dataset": "ds002737",
    "modality": "bold",
    "run_id": 3,
    "session_id": "01",
    "subject_id": "01",
    "task_id": "Stroop"
  },
  "dummy_trs": 1,
  "dvars_nstd": 43.70491583392192,
  "dvars_std": 1.2014908126208177,
  "dvars_vstd": 1.005575710148699,
  "efc": 0.5196482832253712,
  "fber": 654.8305053710938,
  "fd_mean": 0.32070267298162086,
  "fd_num": 379,
  "fd_perc": 70.31539888682745,
  "fwhm_avg": 2.6491262836220684,
  "fwhm_x": 2.5675415646417314,
  "fwhm_y": 2.686524893247092,
  "fwhm_z": 2.693312392977381,
  "gcor": 0.0125768,
  "gsr_x": -0.01230591256171465,
  "gsr_y": 0.07738567143678665,
  "provenance": {
    "md5sum": "43b695e46580990fbc83d6a78eae2680",
    "settings": {
      "fd_thres": 0.2,
      "testing": false
    },
    "software": "mriqc",
    "version": "23.0.1",
    "webapi_port": null,
    "webapi_url": "https://mriqc.nimh.nih.gov/api/v1"
  },
  "size_t": 539,
  "size_x": 90,
  "size_y": 90,
  "size_z": 60,
  "snr": 2.566672662187404,
  "spacing_tr": 1.2000000476837158,
  "spacing_x": 2.4000000953674316,
  "spacing_y": 2.4000000953674316,
  "spacing_z": 2.4000000953674316,
  "summary_bg_k": 27.295788253287505,
  "summary_bg_mad": 56.316883713346286,
  "summary_bg_mean": 324.8410949707031,
  "summary_bg_median": 141.62338256835938,
  "summary_bg_n": 327686.0,
  "summary_bg_p05": 96.90167236328125,
  "summary_bg_p95": 1257.4833068847656,
  "summary_bg_stdv": 489.0252685546875,
  "summary_fg_k": 2.028339542779726,
  "summary_fg_mad": 1196.2288766825277,
  "summary_fg_mean": 3993.987548828125,
  "summary_fg_median": 3694.36083984375,
  "summary_fg_n": 82148.0,
  "summary_fg_p05": 2236.3838012695314,
  "summary_fg_p95": 6803.333764648434,
  "summary_fg_stdv": 1439.3492431640625,
  "tsnr": 38.551993638277054
}