{
  "aor": 0.003302300556586271,
  "aqi": 0.0051298710946196665,
  "bids_meta": {
    "AcquisitionNumber": 1,
    "AcquisitionTime": "11:45:18.785000",
    "BandwidthPerPixelPhaseEncode": 18.832,
    "BodyPartExamined": "HEAD",
    "ConversionSoftware": "dcm2niix",
    "ConversionSoftwareVersion": "v1.0.20170624 (OpenJPEG build) MSC1900",
    "DeviceSerialNumber": "67064",
    "EchoTime": 0.033,
    "EchoTrainLength": 90,
    "EffectiveEchoSpacing": 0.000590012,
    "FlipAngle": 63,
    "ImageType": [
      "ORIGINAL",
      "PRIMARY",
      "M",
      "MB",
      "ND",
      "MOSAIC"
    ],
    "InstitutionAddress": "Scott_Ave_4525_St._Louis_MO_US_63110",
    "InstitutionName": "Washington_University",
    "MagneticFieldStrength": 3,
    "Manufacturer": "Siemens",
    "ManufacturersModelName": "Prisma_fit",
    "PhaseEncodingDirection": "j",
    "PhaseEncodingLines": 90,
    "ProcedureStepDescription": "head_Braver",
    "ProtocolName": "tfMRI_StroopBas2_PA",
    "RepetitionTime": 1.2,
    "ScanningSequence": "EP",
    "SequenceName": "epfid2d1_90",
    "SequenceVariant": "SK_SS",
    "SeriesDescription": "tfMRI_StroopBas2_PA",
    "SliceTiming": [
      0,
      0.63,
      0.08,
      0.7075,
      0.1575,
      0.7875,
      0.235,
      0.865,
      0.315,
      0.945,
      0.3925,
      1.0225,
      0.4725,
      1.1025,
      0.55,
      0,
      0.63,
      0.08,
      0.7075,
      0.1575,
      0.7875,
      0.235,
      0.865,
      0.315,
      0.945,
      0.3925,
      1.0225,
      0.4725,
      1.1025,
      0.55,
      0,
      0.63,
      0.08,
      0.7075,
      0.1575,
      0.7875,
      0.235,
      0.865,
      0.315,
      0.945,
      0.3925,
      1.0225,
      0.4725,
      1.1025,
      0.55,
      0,
      0.63,
      0.08,
      0.7075,
      0.1575,
      0.7875,
      0.235,
      0.865,
      0.315,
      0.945,
      0.3925,
      1.0225,
      0.4725,
      1.1025,
      0.55
    ],
    "SoftwareVersions": "syngo_MR_E11",
    "TaskName": "Stroop",
    "TotalReadoutTime": 0.0525111,
    "acq_id": "cf1PA",
    "dataset": "ds002737",
    "modality": "bold",
    "run_id": 2,
    "session_id": "01",
    "subject_id": "01",
    "task_id": "Stroop"
  },
  "dummy_trs": 1,
  "dvars_nstd": 32.89947473953528,
  "dvars_std": 1.1552836605762073,
  "dvars_vstd": 1.0370724877881037,
  "efc": 0.5176959684523075,
  "fber": 694.4700927734375,
  "fd_mean": 0.20231508751531274,
  "fd_num": 215,
  "fd_perc": 39.888682745825605,
  "fwhm_avg": 2.6609207275978437,
  "fwhm_x": 2.618195729295582,
  "fwhm_y": 2.667824893990163,
  "fwhm_z": 2.696741559507785,
  "gcor": 0.0205948,
  "gsr_x": -0.010771102271974087,
  "gsr_y": 0.06823208183050156,
  "provenance": {
    "md5sum": "3f94ba2ede12b7570cdbaf7c33b881c4",
    "settings": {
      "fd_thres": 0.2,
      "testing": false
    },
    "software": "mriqc",
    "version": "23.0.1",
    "webapi_port": null,
    "webapi_url": "https://mriqc.nimh.nih.gov/api/v1"
  },
  "size_t": 539,
  "size_x": 90,
  "size_y": 90,
  "size_z": 60,
  "snr": 2.456852296912309,
  "spacing_tr": 1.2000000476837158,
  "spacing_x": 2.4000000953674316,
  "spacing_y": 2.4000000953674316,
  "spacing_z": 2.4000000953674316,
  "summary_bg_k": 49.92656748011985,
  "summary_bg_mad": 63.03260618771193,
  "summary_bg_mean": 375.48492431640625,
  "summary_bg_median": 150.83395385742188,
  "summary_bg_n": 327898.0,
  "summary_bg_p05": 104.02411651611328,
  "summary_bg_p95": 1536.7438537597652,
  "summary_bg_stdv": 619.3871459960938,
  "summary_fg_k": 2.514050183465778,
  "summary_fg_mad": 1426.360883347381,
  "summary_fg_mean": 4360.55712890625,
  "summary_fg_median": 4036.60498046875,
  "summary_fg_n": 81226.0,
  "summary_fg_p05": 2372.6192016601562,
  "summary_fg_p95": 7475.8511962890625,
  "summary_fg_stdv": 1642.988525390625,
  "tsnr": 47.613958509638906
}